GEM
  remote: https://rubygems.org/
  specs:
    elasticsearch (5.0.4)
      elasticsearch-api (= 5.0.4)
      elasticsearch-transport (= 5.0.4)
    elasticsearch-api (5.0.4)
      multi_json
    elasticsearch-transport (5.0.4)
      faraday
      multi_json
    faraday (0.12.1)
      multipart-post (>= 1.2, < 3)
    multi_json (1.12.1)
    multipart-post (2.0.0)
    rake (12.0.0)
    slop (4.5.0)

PLATFORMS
  java

DEPENDENCIES
  elasticsearch
  rake
  slop

BUNDLED WITH
   1.13.7
